PATH
  remote: .
  specs:
    tillless-uikit (0.1)
      ProMotion (~> 2.2.0)
      bubble-wrap (~> 1.7.1)
      cdq (~> 0.1.11)
      cocoapods (~> 0.35.0)
      ib (~> 0.7.1)
      motion-cocoapods (~> 1.7.0)
      motion-kit (~> 0.17.0)
      motion-kit-events (~> 0.3.1)
      motion-layout (~> 0.0.2)
      sugarcube (~> 3.0.2)
      xcodeproj (~> 0.20.2)

GEM
  remote: https://rubygems.org/
  specs:
    ProMotion (2.2.0)
      methadone (~> 1.7)
    activesupport (3.2.21)
      i18n (~> 0.6, >= 0.6.4)
      multi_json (~> 1.0)
    awesome_print_motion (0.1.0)
    bubble-wrap (1.7.1)
      bubble-wrap-http (= 1.7.1)
    bubble-wrap-http (1.7.1)
    builder (3.2.2)
    cdq (0.1.11)
      motion-yaml
      ruby-xcdm (~> 0.0, >= 0.0.8)
    claide (0.7.0)
    cocoapods (0.35.0)
      activesupport (>= 3.2.15)
      claide (~> 0.7.0)
      cocoapods-core (= 0.35.0)
      cocoapods-downloader (~> 0.8.0)
      cocoapods-plugins (~> 0.3.1)
      cocoapods-trunk (~> 0.4.1)
      cocoapods-try (~> 0.4.2)
      colored (~> 1.2)
      escape (~> 0.0.4)
      molinillo (~> 0.1.2)
      nap (~> 0.8)
      open4 (~> 1.3)
      xcodeproj (~> 0.20.2)
    cocoapods-core (0.35.0)
      activesupport (>= 3.2.15)
      fuzzy_match (~> 2.0.4)
      nap (~> 0.8.0)
    cocoapods-downloader (0.8.0)
    cocoapods-plugins (0.3.2)
      nap
    cocoapods-trunk (0.4.1)
      nap (>= 0.8)
      netrc (= 0.7.8)
    cocoapods-try (0.4.2)
    colored (1.2)
    dbt (1.1.5)
    escape (0.0.4)
    fuzzy_match (2.0.4)
    i18n (0.6.11)
    ib (0.7.1)
      thor (~> 0.15.4)
      tilt (~> 1.4.1)
      xcodeproj (~> 0.17)
    methadone (1.8.0)
      bundler
    molinillo (0.1.2)
    motion-cocoapods (1.7.0)
      cocoapods (>= 0.34)
    motion-kit (0.17.0)
      dbt (~> 1.1.5)
    motion-kit-events (0.3.1)
      dbt
      motion-kit
    motion-layout (0.0.2)
    motion-yaml (1.3)
    multi_json (1.10.1)
    nap (0.8.0)
    netrc (0.7.8)
    open4 (1.3.4)
    plist (3.1.0)
    rake (10.4.2)
    ruby-xcdm (0.0.8)
      activesupport (~> 3.2)
      builder (~> 3.2)
      plist (~> 3.1)
    sugarcube (3.0.2)
    thor (0.15.4)
    tilt (1.4.1)
    xcodeproj (0.20.2)
      activesupport (>= 3)
      colored (~> 1.2)

PLATFORMS
  ruby

DEPENDENCIES
  awesome_print_motion
  bundler (~> 1.7.9)
  rake (~> 10.4.2)
  tillless-uikit!
